GEM
  remote: https://rubygems.org/
  specs:

PLATFORMS
  x86_64-darwin-22

DEPENDENCIES

RUBY VERSION
   ruby 3.2.0p0

BUNDLED WITH
   2.4.1
